GEM
  remote: https://rubygems.org/
  specs:
    actioncable (5.0.0.rc1)
      actionpack (= 5.0.0.rc1)
      nio4r (~> 1.2)
      websocket-driver (~> 0.6.1)
    actionmailer (5.0.0.rc1)
      actionpack (= 5.0.0.rc1)
      actionview (= 5.0.0.rc1)
      activejob (= 5.0.0.rc1)
      mail (~> 2.5, >= 2.5.4)
      rails-dom-testing (~> 1.0, >= 1.0.5)
    actionpack (5.0.0.rc1)
      actionview (= 5.0.0.rc1)
      activesupport (= 5.0.0.rc1)
      rack (~> 2.x)
      rack-test (~> 0.6.3)
      rails-dom-testing (~> 1.0, >= 1.0.5)
      rails-html-sanitizer (~> 1.0, >= 1.0.2)
    actionview (5.0.0.rc1)
      activesupport (= 5.0.0.rc1)
      builder (~> 3.1)
      erubis (~> 2.7.0)
      rails-dom-testing (~> 1.0, >= 1.0.5)
      rails-html-sanitizer (~> 1.0, >= 1.0.2)
    activejob (5.0.0.rc1)
      activesupport (= 5.0.0.rc1)
      globalid (>= 0.3.6)
    activemodel (5.0.0.rc1)
      activesupport (= 5.0.0.rc1)
    activerecord (5.0.0.rc1)
      activemodel (= 5.0.0.rc1)
      activesupport (= 5.0.0.rc1)
      arel (~> 7.0)
    activesupport (5.0.0.rc1)
      concurrent-ruby (~> 1.0, >= 1.0.2)
      i18n (~> 0.7)
      minitest (~> 5.1)
      tzinfo (~> 1.1)
    addressable (2.4.0)
    airbrussh (1.0.1)
      sshkit (>= 1.6.1, != 1.7.0)
    arel (7.0.0)
    builder (3.2.2)
    byebug (8.2.5)
    capistrano (3.5.0)
      airbrussh (>= 1.0.0)
      capistrano-harrow
      i18n
      rake (>= 10.0.0)
      sshkit (>= 1.9.0)
    capistrano-bundler (1.1.4)
      capistrano (~> 3.1)
      sshkit (~> 1.2)
    capistrano-harrow (0.4.0)
    capistrano-rails (1.1.6)
      capistrano (~> 3.1)
      capistrano-bundler (~> 1.1)
    capistrano-rvm (0.1.2)
      capistrano (~> 3.0)
      sshkit (~> 1.2)
    capistrano3-unicorn (0.2.1)
      capistrano (~> 3.1, >= 3.1.0)
    capybara (2.7.1)
      addressable
      mime-types (>= 1.16)
      nokogiri (>= 1.3.3)
      rack (>= 1.0.0)
      rack-test (>= 0.5.4)
      xpath (~> 2.0)
    coderay (1.1.1)
    concurrent-ruby (1.0.2)
    cucumber (2.3.3)
      builder (>= 2.1.2)
      cucumber-core (~> 1.4.0)
      cucumber-wire (~> 0.0.1)
      diff-lcs (>= 1.1.3)
      gherkin (~> 3.2.0)
      multi_json (>= 1.7.5, < 2.0)
      multi_test (>= 0.1.2)
    cucumber-core (1.4.0)
      gherkin (~> 3.2.0)
    cucumber-rails (1.4.3)
      capybara (>= 1.1.2, < 3)
      cucumber (>= 1.3.8, < 3)
      mime-types (>= 1.16, < 4)
      nokogiri (~> 1.5)
      railties (>= 3, < 5)
    cucumber-wire (0.0.1)
    database_cleaner (1.5.3)
    diff-lcs (1.2.5)
    erubis (2.7.0)
    ffi (1.9.10)
    gherkin (3.2.0)
    globalid (0.3.6)
      activesupport (>= 4.1.0)
    i18n (0.7.0)
    json (1.8.3)
    kgio (2.10.0)
    listen (3.0.6)
      rb-fsevent (>= 0.9.3)
      rb-inotify (>= 0.9.7)
    loofah (2.0.3)
      nokogiri (>= 1.5.9)
    mail (2.6.4)
      mime-types (>= 1.16, < 4)
    method_source (0.8.2)
    mime-types (3.0)
      mime-types-data (~> 3.2015)
    mime-types-data (3.2016.0221)
    mini_portile2 (2.0.0)
    minitest (5.9.0)
    multi_json (1.12.1)
    multi_test (0.1.2)
    net-scp (1.2.1)
      net-ssh (>= 2.6.5)
    net-ssh (3.1.1)
    nio4r (1.2.1)
    nokogiri (1.6.7.2)
      mini_portile2 (~> 2.0.0.rc2)
    pg (0.18.4)
    pry (0.10.3)
      coderay (~> 1.1.0)
      method_source (~> 0.8.1)
      slop (~> 3.4)
    pry-rails (0.3.4)
      pry (>= 0.9.10)
    puma (3.4.0)
    rack (2.0.0.rc1)
      json
    rack-test (0.6.3)
      rack (>= 1.0)
    rails (5.0.0.rc1)
      actioncable (= 5.0.0.rc1)
      actionmailer (= 5.0.0.rc1)
      actionpack (= 5.0.0.rc1)
      actionview (= 5.0.0.rc1)
      activejob (= 5.0.0.rc1)
      activemodel (= 5.0.0.rc1)
      activerecord (= 5.0.0.rc1)
      activesupport (= 5.0.0.rc1)
      bundler (>= 1.3.0, < 2.0)
      railties (= 5.0.0.rc1)
      sprockets-rails (>= 2.0.0)
    rails-deprecated_sanitizer (1.0.3)
      activesupport (>= 4.2.0.alpha)
    rails-dom-testing (1.0.7)
      activesupport (>= 4.2.0.beta, < 5.0)
      nokogiri (~> 1.6.0)
      rails-deprecated_sanitizer (>= 1.0.1)
    rails-html-sanitizer (1.0.3)
      loofah (~> 2.0)
    railties (5.0.0.rc1)
      actionpack (= 5.0.0.rc1)
      activesupport (= 5.0.0.rc1)
      method_source
      rake (>= 0.8.7)
      thor (>= 0.18.1, < 2.0)
    raindrops (0.16.0)
    rake (11.1.2)
    rb-fsevent (0.9.7)
    rb-inotify (0.9.7)
      ffi (>= 0.5.0)
    rspec-core (3.1.7)
      rspec-support (~> 3.1.0)
    rspec-expectations (3.1.2)
      diff-lcs (>= 1.2.0, < 2.0)
      rspec-support (~> 3.1.0)
    rspec-mocks (3.1.3)
      rspec-support (~> 3.1.0)
    rspec-rails (3.1.0)
      actionpack (>= 3.0)
      activesupport (>= 3.0)
      railties (>= 3.0)
      rspec-core (~> 3.1.0)
      rspec-expectations (~> 3.1.0)
      rspec-mocks (~> 3.1.0)
      rspec-support (~> 3.1.0)
    rspec-support (3.1.2)
    slop (3.6.0)
    spring (1.7.1)
    spring-watcher-listen (2.0.0)
      listen (>= 2.7, < 4.0)
      spring (~> 1.2)
    sprockets (3.6.0)
      concurrent-ruby (~> 1.0)
      rack (> 1, < 3)
    sprockets-rails (3.0.4)
      actionpack (>= 4.0)
      activesupport (>= 4.0)
      sprockets (>= 3.0.0)
    sshkit (1.10.0)
      net-scp (>= 1.1.2)
      net-ssh (>= 2.8.0)
    thor (0.19.1)
    thread_safe (0.3.5)
    tzinfo (1.2.2)
      thread_safe (~> 0.1)
    unicorn (5.1.0)
      kgio (~> 2.6)
      raindrops (~> 0.7)
    websocket-driver (0.6.3)
      websocket-extensions (>= 0.1.0)
    websocket-extensions (0.1.2)
    xpath (2.0.0)
      nokogiri (~> 1.3)

PLATFORMS
  ruby

DEPENDENCIES
  byebug
  capistrano
  capistrano-bundler
  capistrano-rails
  capistrano-rvm
  capistrano3-unicorn
  cucumber-rails
  database_cleaner
  listen (~> 3.0.5)
  pg
  pry-rails
  puma
  rails (>= 5.0.0.beta4, < 5.1)
  rspec-rails
  spring
  spring-watcher-listen (~> 2.0.0)
  tzinfo-data
  unicorn

BUNDLED WITH
   1.12.0
